GEM
  remote: https://rubygems.org/
  specs:
    charlock_holmes (0.7.3)
    copyright-header (1.0.22)
      github-linguist
    escape_utils (1.1.1)
    github-linguist (5.0.11)
      charlock_holmes (~> 0.7.3)
      escape_utils (~> 1.1.0)
      mime-types (>= 1.19)
      rugged (>= 0.25.1)
    mime-types (3.1)
      mime-types-data (~> 3.2015)
    mime-types-data (3.2016.0521)
    rugged (0.25.1.1)

PLATFORMS
  ruby

DEPENDENCIES
  copyright-header (~> 1.0, >= 1.0.22)!
  github-linguist (~> 5.0, >= 5.0.11)!

BUNDLED WITH
   1.13.7
